PATH
  remote: .
  specs:
    unified_ruby_sdk (0.6.3)
      faraday
      faraday-multipart
      rack
      rake
      sorbet-runtime

GEM
  remote: https://rubygems.org/
  specs:
    ast (2.4.2)
    erubi (1.13.0)
    faraday (2.12.1)
      faraday-net_http (>= 2.0, < 3.5)
      json
      logger
    faraday-multipart (1.0.4)
      multipart-post (~> 2)
    faraday-net_http (3.4.0)
      net-http (>= 0.5.0)
    json (2.8.2)
    language_server-protocol (3.17.0.3)
    logger (1.6.1)
    minitest (5.25.2)
    multipart-post (2.4.1)
    net-http (0.5.0)
      uri
    netrc (0.11.0)
    parallel (1.26.3)
    parser (3.3.6.0)
      ast (~> 2.4.1)
      racc
    prism (0.27.0)
    racc (1.8.1)
    rack (3.1.8)
    rainbow (3.1.1)
    rake (13.2.1)
    rbi (0.1.12)
      prism (>= 0.18.0, < 0.28)
      sorbet-runtime (>= 0.5.9204)
    regexp_parser (2.9.2)
    rexml (3.3.9)
    rubocop (1.60.2)
      json (~> 2.3)
      language_server-protocol (>= 3.17.0)
      parallel (~> 1.10)
      parser (>= 3.3.0.2)
      rainbow (>= 2.2.2, < 4.0)
      regexp_parser (>= 1.8, < 3.0)
      rexml (>= 3.2.5, < 4.0)
      rubocop-ast (>= 1.30.0, < 2.0)
      ruby-progressbar (~> 1.7)
      unicode-display_width (>= 2.4.0, < 3.0)
    rubocop-ast (1.36.1)
      parser (>= 3.3.1.0)
    ruby-progressbar (1.13.0)
    sorbet (0.5.11668)
      sorbet-static (= 0.5.11668)
    sorbet-runtime (0.5.11668)
    sorbet-static (0.5.11668-aarch64-linux)
    sorbet-static (0.5.11668-universal-darwin)
    sorbet-static (0.5.11668-x86_64-linux)
    sorbet-static-and-runtime (0.5.11668)
      sorbet (= 0.5.11668)
      sorbet-runtime (= 0.5.11668)
    spoom (1.3.2)
      erubi (>= 1.10.0)
      prism (>= 0.19.0)
      sorbet-static-and-runtime (>= 0.5.10187)
      thor (>= 0.19.2)
    tapioca (0.13.3)
      bundler (>= 2.2.25)
      netrc (>= 0.11.0)
      parallel (>= 1.21.0)
      rbi (>= 0.1.4, < 0.2)
      sorbet-static-and-runtime (>= 0.5.11087)
      spoom (>= 1.2.0)
      thor (>= 1.2.0)
      yard-sorbet
    thor (1.3.2)
    unicode-display_width (2.6.0)
    uri (1.0.2)
    yard (0.9.37)
    yard-sorbet (0.8.1)
      sorbet-runtime (>= 0.5)
      yard (>= 0.9)

PLATFORMS
  aarch64-linux
  arm64-darwin-23
  arm64-darwin-24
  x86_64-linux

DEPENDENCIES
  minitest
  rubocop (~> 1.60.2)
  sorbet
  tapioca
  unified_ruby_sdk!

BUNDLED WITH
   2.5.23
